PATH
  remote: /Users/mskim/Development/ruby/gems/rlayout
  specs:
    rlayout (0.0.4)

GEM
  remote: https://rubygems.org/
  specs:
    cmdparse (3.0.7)
    geom2d (0.3.1)
    hexapdf (0.16.0)
      cmdparse (~> 3.0, >= 3.0.3)
      geom2d (~> 0.3)

PLATFORMS
  x86_64-darwin-18

DEPENDENCIES
  hexapdf
  rlayout!

BUNDLED WITH
   2.2.20
